GEM
  remote: https://rubygems.org/
  specs:
    actioncable (7.1.5.1)
      actionpack (= 7.1.5.1)
      activesupport (= 7.1.5.1)
      nio4r (~> 2.0)
      websocket-driver (>= 0.6.1)
      zeitwerk (~> 2.6)
    actionmailbox (7.1.5.1)
      actionpack (= 7.1.5.1)
      activejob (= 7.1.5.1)
      activerecord (= 7.1.5.1)
      activestorage (= 7.1.5.1)
      activesupport (= 7.1.5.1)
      mail (>= 2.7.1)
      net-imap
      net-pop
      net-smtp
    actionmailer (7.1.5.1)
      actionpack (= 7.1.5.1)
      actionview (= 7.1.5.1)
      activejob (= 7.1.5.1)
      activesupport (= 7.1.5.1)
      mail (~> 2.5, >= 2.5.4)
      net-imap
      net-pop
      net-smtp
      rails-dom-testing (~> 2.2)
    actionpack (7.1.5.1)
      actionview (= 7.1.5.1)
      activesupport (= 7.1.5.1)
      nokogiri (>= 1.8.5)
      racc
      rack (>= 2.2.4)
      rack-session (>= 1.0.1)
      rack-test (>= 0.6.3)
      rails-dom-testing (~> 2.2)
      rails-html-sanitizer (~> 1.6)
    actiontext (7.1.5.1)
      actionpack (= 7.1.5.1)
      activerecord (= 7.1.5.1)
      activestorage (= 7.1.5.1)
      activesupport (= 7.1.5.1)
      globalid (>= 0.6.0)
      nokogiri (>= 1.8.5)
    actionview (7.1.5.1)
      activesupport (= 7.1.5.1)
      builder (~> 3.1)
      erubi (~> 1.11)
      rails-dom-testing (~> 2.2)
      rails-html-sanitizer (~> 1.6)
    activejob (7.1.5.1)
      activesupport (= 7.1.5.1)
      globalid (>= 0.3.6)
    activemodel (7.1.5.1)
      activesupport (= 7.1.5.1)
    activerecord (7.1.5.1)
      activemodel (= 7.1.5.1)
      activesupport (= 7.1.5.1)
      timeout (>= 0.4.0)
    activestorage (7.1.5.1)
      actionpack (= 7.1.5.1)
      activejob (= 7.1.5.1)
      activerecord (= 7.1.5.1)
      activesupport (= 7.1.5.1)
      marcel (~> 1.0)
    activestorage-validator (0.4.0)
      rails (>= 6.1.0)
    activesupport (7.1.5.1)
      base64
      benchmark (>= 0.3)
      bigdecimal
      concurrent-ruby (~> 1.0, >= 1.0.2)
      connection_pool (>= 2.2.5)
      drb
      i18n (>= 1.6, < 2)
      logger (>= 1.4.2)
      minitest (>= 5.1)
      mutex_m
      securerandom (>= 0.3)
      tzinfo (~> 2.0)
    addressable (2.8.5)
      public_suffix (>= 2.0.2, < 6.0)
    administrate (0.20.1)
      actionpack (>= 6.0, < 8.0)
      actionview (>= 6.0, < 8.0)
      activerecord (>= 6.0, < 8.0)
      jquery-rails (~> 4.6.0)
      kaminari (~> 1.2.2)
      sassc-rails (~> 2.1)
      selectize-rails (~> 0.6)
    administrate-field-active_storage (0.3.8)
      administrate (>= 0.2.2)
      rails (>= 6.0)
    administrate-field-jsonb (0.4.6)
      administrate (< 1.0.0)
      rails (>= 4.2)
    administrate-field-nested_has_many (1.3.0)
      administrate (> 0.8, < 1)
      cocoon (~> 1.2, >= 1.2.11)
    ast (2.4.2)
    attr_encrypted (4.2.0)
      encryptor (~> 3.0.0)
    audited (5.8.0)
      activerecord (>= 5.2, < 8.2)
      activesupport (>= 5.2, < 8.2)
    awesome_print (1.9.2)
    aws-eventstream (1.3.0)
    aws-partitions (1.894.0)
    aws-sdk-core (3.191.2)
      aws-eventstream (~> 1, >= 1.3.0)
      aws-partitions (~> 1, >= 1.651.0)
      aws-sigv4 (~> 1.8)
      base64
      jmespath (~> 1, >= 1.6.1)
    aws-sdk-kms (1.77.0)
      aws-sdk-core (~> 3, >= 3.191.0)
      aws-sigv4 (~> 1.1)
    aws-sdk-s3 (1.143.0)
      aws-sdk-core (~> 3, >= 3.191.0)
      aws-sdk-kms (~> 1)
      aws-sigv4 (~> 1.8)
    aws-sigv4 (1.8.0)
      aws-eventstream (~> 1, >= 1.0.2)
    axe-matchers (2.6.1)
      dumb_delegator (~> 0.8)
      virtus (~> 1.0)
    axiom-types (0.1.1)
      descendants_tracker (~> 0.0.4)
      ice_nine (~> 0.11.0)
      thread_safe (~> 0.3, >= 0.3.1)
    backport (1.2.0)
    base64 (0.2.0)
    benchmark (0.4.0)
    better_errors (2.10.1)
      erubi (>= 1.0.0)
      rack (>= 0.9.0)
      rouge (>= 1.0.0)
    better_html (2.0.2)
      actionview (>= 6.0)
      activesupport (>= 6.0)
      ast (~> 2.0)
      erubi (~> 1.4)
      parser (>= 2.4)
      smart_properties
    bigdecimal (3.1.9)
    bindex (0.8.1)
    binding_of_caller (1.0.0)
      debug_inspector (>= 0.0.1)
    bootsnap (1.18.4)
      msgpack (~> 1.2)
    brakeman (6.0.1)
    builder (3.3.0)
    bullet (7.1.6)
      activesupport (>= 3.0.0)
      uniform_notifier (~> 1.11)
    byebug (11.1.3)
    capybara (3.39.2)
      addressable
      matrix
      mini_mime (>= 0.1.3)
      nokogiri (~> 1.8)
      rack (>= 1.6.0)
      rack-test (>= 0.6.3)
      regexp_parser (>= 1.5, < 3.0)
      xpath (~> 3.2)
    childprocess (3.0.0)
    choice (0.2.0)
    climate_control (1.2.0)
    cloudflare-rails (6.2.0)
      actionpack (>= 7.1.0, < 8.1.0)
      activesupport (>= 7.1.0, < 8.1.0)
      railties (>= 7.1.0, < 8.1.0)
      zeitwerk (>= 2.5.0)
    cocoon (1.2.15)
    coderay (1.1.3)
    coercible (1.0.0)
      descendants_tracker (~> 0.0.1)
    combine_pdf (1.0.23)
      matrix
      ruby-rc4 (>= 0.1.5)
    concurrent-ruby (1.3.5)
    connection_pool (2.5.0)
    crack (0.4.5)
      rexml
    crass (1.0.6)
    dalli (3.2.5)
    date (3.4.1)
    debase (0.2.8)
      debase-ruby_core_source (>= 3.3.6)
    debase-ruby_core_source (3.4.1)
    debug_inspector (1.2.0)
    descendants_tracker (0.0.4)
      thread_safe (~> 0.3, >= 0.3.1)
    diff-lcs (1.5.1)
    docile (1.4.0)
    domain_name (0.5.20190701)
      unf (>= 0.0.5, < 1.0.0)
    dotenv (3.1.4)
    dotenv-rails (3.1.4)
      dotenv (= 3.1.4)
      railties (>= 6.1)
    drb (2.2.1)
    dry-configurable (1.2.0)
      dry-core (~> 1.0, < 2)
      zeitwerk (~> 2.6)
    dry-core (1.0.1)
      concurrent-ruby (~> 1.0)
      zeitwerk (~> 2.6)
    dry-inflector (1.1.0)
    dry-initializer (3.1.1)
    dry-logic (1.5.0)
      concurrent-ruby (~> 1.0)
      dry-core (~> 1.0, < 2)
      zeitwerk (~> 2.6)
    dry-schema (1.13.4)
      concurrent-ruby (~> 1.0)
      dry-configurable (~> 1.0, >= 1.0.1)
      dry-core (~> 1.0, < 2)
      dry-initializer (~> 3.0)
      dry-logic (>= 1.4, < 2)
      dry-types (>= 1.7, < 2)
      zeitwerk (~> 2.6)
    dry-types (1.7.2)
      bigdecimal (~> 3.0)
      concurrent-ruby (~> 1.0)
      dry-core (~> 1.0)
      dry-inflector (~> 1.0)
      dry-logic (~> 1.4)
      zeitwerk (~> 2.6)
    dumb_delegator (0.8.1)
    e2mmap (0.1.0)
    encryptor (3.0.0)
    enumerize (2.7.0)
      activesupport (>= 3.2)
    equalizer (0.0.11)
    erb_lint (0.5.0)
      activesupport
      better_html (>= 2.0.1)
      parser (>= 2.7.1.4)
      rainbow
      rubocop
      smart_properties
    erubi (1.13.1)
    excon (1.2.5)
      logger
    execjs (2.10.0)
    factory_bot (6.2.1)
      activesupport (>= 5.0.0)
    factory_bot_rails (6.2.0)
      factory_bot (~> 6.2.0)
      railties (>= 5.0.0)
    faker (3.2.1)
      i18n (>= 1.8.11, < 2)
    faraday (2.12.2)
      faraday-net_http (>= 2.0, < 3.5)
      json
      logger
    faraday-net_http (3.4.0)
      net-http (>= 0.5.0)
    ffi (1.15.5)
    fiber-storage (1.0.0)
    fog-aws (3.30.0)
      base64 (~> 0.2.0)
      fog-core (~> 2.6)
      fog-json (~> 1.1)
      fog-xml (~> 0.1)
    fog-core (2.6.0)
      builder
      excon (~> 1.0)
      formatador (>= 0.2, < 2.0)
      mime-types
    fog-json (1.2.0)
      fog-core
      multi_json (~> 1.10)
    fog-xml (0.1.5)
      fog-core
      nokogiri (>= 1.5.11, < 2.0.0)
    formatador (1.1.0)
    generator_spec (0.10.0)
      activesupport (>= 3.0.0)
      railties (>= 3.0.0)
    geocoder (1.8.2)
    globalid (1.2.1)
      activesupport (>= 6.1)
    graphlient (0.8.0)
      faraday (~> 2.0)
      graphql-client
    graphql (2.4.13)
      base64
      fiber-storage
      logger
    graphql-client (0.25.0)
      activesupport (>= 3.0)
      graphql (>= 1.13.0)
    guard (2.18.0)
      formatador (>= 0.2.4)
      listen (>= 2.7, < 4.0)
      lumberjack (>= 1.0.12, < 2.0)
      nenv (~> 0.1)
      notiffany (~> 0.0)
      pry (>= 0.13.0)
      shellany (~> 0.0)
      thor (>= 0.18.1)
    guard-compat (1.2.1)
    guard-rspec (4.7.3)
      guard (~> 2.1)
      guard-compat (~> 1.1)
      rspec (>= 2.99.0, < 4.0)
    hashdiff (1.0.1)
    hashie (5.0.0)
    htmlentities (4.3.4)
    http-accept (1.7.0)
    http-cookie (1.0.5)
      domain_name (~> 0.5)
    humanize (2.5.1)
    i18n (1.14.7)
      concurrent-ruby (~> 1.0)
    ice_nine (0.11.2)
    interception (0.5)
    io-console (0.8.0)
    irb (1.15.1)
      pp (>= 0.6.0)
      rdoc (>= 4.0.0)
      reline (>= 0.4.2)
    jaro_winkler (1.5.6)
    jmespath (1.6.2)
    jquery-rails (4.6.0)
      rails-dom-testing (>= 1, < 3)
      railties (>= 4.2.0)
      thor (>= 0.14, < 2.0)
    json (2.7.1)
    jwt (2.7.1)
    kaminari (1.2.2)
      activesupport (>= 4.1.0)
      kaminari-actionview (= 1.2.2)
      kaminari-activerecord (= 1.2.2)
      kaminari-core (= 1.2.2)
    kaminari-actionview (1.2.2)
      actionview
      kaminari-core (= 1.2.2)
    kaminari-activerecord (1.2.2)
      activerecord
      kaminari-core (= 1.2.2)
    kaminari-core (1.2.2)
    kramdown (2.4.0)
      rexml
    kramdown-parser-gfm (1.1.0)
      kramdown (~> 2.0)
    language_server-protocol (3.17.0.3)
    lint_roller (1.1.0)
    listen (3.8.0)
      rb-fsevent (~> 0.10, >= 0.10.3)
      rb-inotify (~> 0.9, >= 0.9.10)
    logger (1.6.5)
    lograge (0.13.0)
      actionpack (>= 4)
      activesupport (>= 4)
      railties (>= 4)
      request_store (~> 1.0)
    loofah (2.24.0)
      crass (~> 1.0.2)
      nokogiri (>= 1.12.0)
    lumberjack (1.2.9)
    mail (2.8.1)
      mini_mime (>= 0.1.1)
      net-imap
      net-pop
      net-smtp
    marcel (1.0.4)
    matrix (0.4.2)
    memcachier (0.0.2)
    method_source (1.1.0)
    mime-types (3.6.0)
      logger
      mime-types-data (~> 3.2015)
    mime-types-data (3.2025.0304)
    mimemagic (0.4.3)
      nokogiri (~> 1)
      rake
    mini_mime (1.1.5)
    mini_portile2 (2.8.8)
    minitest (5.25.4)
    msgpack (1.8.0)
    multi_json (1.15.0)
    multi_xml (0.6.0)
    mutex_m (0.3.0)
    nenv (0.3.0)
    net-http (0.6.0)
      uri
    net-imap (0.5.6)
      date
      net-protocol
    net-pop (0.1.2)
      net-protocol
    net-protocol (0.2.2)
      timeout
    net-smtp (0.5.1)
      net-protocol
    netrc (0.11.0)
    nio4r (2.7.4)
    nokogiri (1.18.3)
      mini_portile2 (~> 2.8.2)
      racc (~> 1.4)
    notiffany (0.1.3)
      nenv (~> 0.1)
      shellany (~> 0.0)
    oauth2 (2.0.9)
      faraday (>= 0.17.3, < 3.0)
      jwt (>= 1.0, < 3.0)
      multi_xml (~> 0.5)
      rack (>= 1.2, < 4)
      snaky_hash (~> 2.0)
      version_gem (~> 1.1)
    omniauth (2.1.2)
      hashie (>= 3.4.6)
      rack (>= 2.2.3)
      rack-protection
    omniauth-auth0 (3.1.1)
      omniauth (~> 2)
      omniauth-oauth2 (~> 1)
    omniauth-oauth2 (1.8.0)
      oauth2 (>= 1.4, < 3)
      omniauth (~> 2.0)
    omniauth-rails_csrf_protection (1.0.1)
      actionpack (>= 4.2)
      omniauth (~> 2.0)
    pagy (6.4.3)
    parallel (1.24.0)
    parser (3.3.5.0)
      ast (~> 2.4.1)
      racc
    pdf-core (0.9.0)
    pg (1.5.4)
    pg_search (2.3.6)
      activerecord (>= 5.2)
      activesupport (>= 5.2)
    pp (0.6.2)
      prettyprint
    prawn (2.4.0)
      pdf-core (~> 0.9.0)
      ttfunk (~> 1.7)
    prettyprint (0.2.0)
    pry (0.14.2)
      coderay (~> 1.1)
      method_source (~> 1.0)
    pry-byebug (3.10.1)
      byebug (~> 11.0)
      pry (>= 0.13, < 0.15)
    pry-rails (0.3.9)
      pry (>= 0.10.4)
    pry-rescue (1.6.0)
      interception (>= 0.5)
      pry (>= 0.12.0)
    psych (5.2.3)
      date
      stringio
    public_suffix (5.0.3)
    puma (6.5.0)
      nio4r (~> 2.0)
    racc (1.8.1)
    rack (2.2.13)
    rack-attack (6.7.0)
      rack (>= 1.0, < 4)
    rack-cors (2.0.2)
      rack (>= 2.0.0)
    rack-mini-profiler (3.1.1)
      rack (>= 1.2.0)
    rack-protection (3.2.0)
      base64 (>= 0.1.0)
      rack (~> 2.2, >= 2.2.4)
    rack-proxy (0.7.7)
      rack
    rack-session (1.0.2)
      rack (< 3)
    rack-test (2.2.0)
      rack (>= 1.3)
    rackup (1.0.1)
      rack (< 3)
      webrick
    rails (7.1.5.1)
      actioncable (= 7.1.5.1)
      actionmailbox (= 7.1.5.1)
      actionmailer (= 7.1.5.1)
      actionpack (= 7.1.5.1)
      actiontext (= 7.1.5.1)
      actionview (= 7.1.5.1)
      activejob (= 7.1.5.1)
      activemodel (= 7.1.5.1)
      activerecord (= 7.1.5.1)
      activestorage (= 7.1.5.1)
      activesupport (= 7.1.5.1)
      bundler (>= 1.15.0)
      railties (= 7.1.5.1)
    rails-controller-testing (1.0.5)
      actionpack (>= 5.0.1.rc1)
      actionview (>= 5.0.1.rc1)
      activesupport (>= 5.0.1.rc1)
    rails-dom-testing (2.2.0)
      activesupport (>= 5.0.0)
      minitest
      nokogiri (>= 1.6)
    rails-erd (1.7.2)
      activerecord (>= 4.2)
      activesupport (>= 4.2)
      choice (~> 0.2.0)
      ruby-graphviz (~> 1.2)
    rails-healthcheck (1.4.0)
      actionpack
      railties
    rails-html-sanitizer (1.6.2)
      loofah (~> 2.21)
      nokogiri (>= 1.15.7, != 1.16.7, != 1.16.6, != 1.16.5, != 1.16.4, != 1.16.3, != 1.16.2, != 1.16.1, != 1.16.0.rc1, != 1.16.0)
    railties (7.1.5.1)
      actionpack (= 7.1.5.1)
      activesupport (= 7.1.5.1)
      irb
      rackup (>= 1.0.0)
      rake (>= 12.2)
      thor (~> 1.0, >= 1.2.2)
      zeitwerk (~> 2.6)
    rainbow (3.1.1)
    rake (13.2.1)
    rb-fsevent (0.11.2)
    rb-inotify (0.10.1)
      ffi (~> 1.0)
    rbs (2.8.4)
    rdoc (6.12.0)
      psych (>= 4.0.0)
    redis-client (0.23.2)
      connection_pool
    reek (6.3.0)
      dry-schema (~> 1.13.0)
      parser (~> 3.3.0)
      rainbow (>= 2.0, < 4.0)
      rexml (~> 3.1)
    regexp_parser (2.9.0)
    reline (0.6.0)
      io-console (~> 0.5)
    request_store (1.7.0)
      rack (>= 1.4)
    rest-client (2.1.0)
      http-accept (>= 1.7.0, < 2.0)
      http-cookie (>= 1.0.2, < 2.0)
      mime-types (>= 1.16, < 4.0)
      netrc (~> 0.8)
    reverse_markdown (2.1.1)
      nokogiri
    rexml (3.3.9)
    rouge (4.2.0)
    rspec (3.13.0)
      rspec-core (~> 3.13.0)
      rspec-expectations (~> 3.13.0)
      rspec-mocks (~> 3.13.0)
    rspec-core (3.13.2)
      rspec-support (~> 3.13.0)
    rspec-expectations (3.13.3)
      diff-lcs (>= 1.2.0, < 2.0)
      rspec-support (~> 3.13.0)
    rspec-json_expectations (2.2.0)
    rspec-mocks (3.13.2)
      diff-lcs (>= 1.2.0, < 2.0)
      rspec-support (~> 3.13.0)
    rspec-rails (7.1.0)
      actionpack (>= 7.0)
      activesupport (>= 7.0)
      railties (>= 7.0)
      rspec-core (~> 3.13)
      rspec-expectations (~> 3.13)
      rspec-mocks (~> 3.13)
      rspec-support (~> 3.13)
    rspec-support (3.13.2)
    rspec_junit_formatter (0.6.0)
      rspec-core (>= 2, < 4, != 2.12.0)
    rubocop (1.59.0)
      json (~> 2.3)
      language_server-protocol (>= 3.17.0)
      parallel (~> 1.10)
      parser (>= 3.2.2.4)
      rainbow (>= 2.2.2, < 4.0)
      regexp_parser (>= 1.8, < 3.0)
      rexml (>= 3.2.5, < 4.0)
      rubocop-ast (>= 1.30.0, < 2.0)
      ruby-progressbar (~> 1.7)
      unicode-display_width (>= 2.4.0, < 3.0)
    rubocop-ast (1.30.0)
      parser (>= 3.2.1.0)
    rubocop-performance (1.20.2)
      rubocop (>= 1.48.1, < 2.0)
      rubocop-ast (>= 1.30.0, < 2.0)
    rubocop-rails (2.20.2)
      activesupport (>= 4.2.0)
      rack (>= 1.1)
      rubocop (>= 1.33.0, < 2.0)
    ruby-debug-ide (0.7.3)
      rake (>= 0.8.1)
    ruby-graphviz (1.2.5)
      rexml
    ruby-progressbar (1.13.0)
    ruby-rc4 (0.1.5)
    rubyzip (2.3.2)
    sassc (2.4.0)
      ffi (~> 1.9)
    sassc-rails (2.1.2)
      railties (>= 4.0.0)
      sassc (>= 2.0)
      sprockets (> 3.0)
      sprockets-rails
      tilt
    scout_apm (5.3.5)
      parser
    securerandom (0.4.1)
    selectize-rails (0.12.6)
    selenium-webdriver (3.142.7)
      childprocess (>= 0.5, < 4.0)
      rubyzip (>= 1.2.2)
    semantic_range (3.0.0)
    sentry-rails (5.22.4)
      railties (>= 5.0)
      sentry-ruby (~> 5.22.4)
    sentry-ruby (5.22.4)
      bigdecimal
      concurrent-ruby (~> 1.0, >= 1.0.2)
    sentry-sidekiq (5.22.4)
      sentry-ruby (~> 5.22.4)
      sidekiq (>= 3.0)
    shellany (0.0.1)
    shoulda-callback-matchers (1.1.4)
      activesupport (>= 3)
    shoulda-matchers (6.4.0)
      activesupport (>= 5.2.0)
    sidekiq (7.3.9)
      base64
      connection_pool (>= 2.3.0)
      logger
      rack (>= 2.2.4)
      redis-client (>= 0.22.2)
    simplecov (0.22.0)
      docile (~> 1.1)
      simplecov-html (~> 0.11)
      simplecov_json_formatter (~> 0.1)
    simplecov-html (0.12.3)
    simplecov_json_formatter (0.1.4)
    sitemap_generator (6.3.0)
      builder (~> 3.0)
    smart_properties (1.17.0)
    snaky_hash (2.0.1)
      hashie
      version_gem (~> 1.1, >= 1.1.1)
    solargraph (0.49.0)
      backport (~> 1.2)
      benchmark
      bundler (~> 2.0)
      diff-lcs (~> 1.4)
      e2mmap
      jaro_winkler (~> 1.5)
      kramdown (~> 2.3)
      kramdown-parser-gfm (~> 1.1)
      parser (~> 3.0)
      rbs (~> 2.0)
      reverse_markdown (~> 2.0)
      rubocop (~> 1.38)
      thor (~> 1.0)
      tilt (~> 2.0)
      yard (~> 0.9, >= 0.9.24)
    spring (4.1.1)
    spring-watcher-listen (2.1.0)
      listen (>= 2.7, < 4.0)
      spring (>= 4)
    sprockets (4.2.1)
      concurrent-ruby (~> 1.0)
      rack (>= 2.2.4, < 4)
    sprockets-rails (3.5.2)
      actionpack (>= 6.1)
      activesupport (>= 6.1)
      sprockets (>= 3.0.0)
    stackprof (0.2.26)
    standard (1.33.0)
      language_server-protocol (~> 3.17.0.2)
      lint_roller (~> 1.0)
      rubocop (~> 1.59.0)
      standard-custom (~> 1.0.0)
      standard-performance (~> 1.3)
    standard-custom (1.0.2)
      lint_roller (~> 1.0)
      rubocop (~> 1.50)
    standard-performance (1.3.1)
      lint_roller (~> 1.1)
      rubocop-performance (~> 1.20.2)
    standard-rails (0.2.0)
      lint_roller (~> 1.0)
      rubocop-rails (~> 2.20.2)
    statesman (10.0.0)
    stringio (3.1.3)
    terser (1.2.5)
      execjs (>= 0.3.0, < 3)
    thor (1.3.2)
    thread_safe (0.3.6)
    tilt (2.2.0)
    timecop (0.9.8)
    timeout (0.4.3)
    ttfunk (1.7.0)
    turbolinks (5.2.1)
      turbolinks-source (~> 5.2)
    turbolinks-source (5.2.0)
    tzinfo (2.0.6)
      concurrent-ruby (~> 1.0)
    uglifier (4.2.1)
      execjs (>= 0.3.0, < 3)
    unf (0.1.4)
      unf_ext
    unf_ext (0.0.8.2)
    unicode-display_width (2.5.0)
    uniform_notifier (1.16.0)
    uri (1.0.3)
    version_gem (1.1.3)
    view_component (3.11.0)
      activesupport (>= 5.2.0, < 8.0)
      concurrent-ruby (~> 1.0)
      method_source (~> 1.0)
    virtus (1.0.5)
      axiom-types (~> 0.1)
      coercible (~> 1.0)
      descendants_tracker (~> 0.0, >= 0.0.3)
      equalizer (~> 0.0, >= 0.0.9)
    web-console (4.2.1)
      actionview (>= 6.0.0)
      activemodel (>= 6.0.0)
      bindex (>= 0.4.0)
      railties (>= 6.0.0)
    webmock (3.19.1)
      addressable (>= 2.8.0)
      crack (>= 0.3.2)
      hashdiff (>= 0.4.0, < 2.0.0)
    webpacker (5.4.4)
      activesupport (>= 5.2)
      rack-proxy (>= 0.6.1)
      railties (>= 5.2)
      semantic_range (>= 2.3.0)
    webrick (1.9.1)
    websocket-driver (0.7.7)
      base64
      websocket-extensions (>= 0.1.0)
    websocket-extensions (0.1.5)
    wicked (2.0.0)
      railties (>= 3.0.7)
    xpath (3.2.0)
      nokogiri (~> 1.8)
    yard (0.9.36)
    zeitwerk (2.7.1)

PLATFORMS
  ruby

DEPENDENCIES
  activestorage-validator
  administrate (~> 0.20.0)
  administrate-field-active_storage
  administrate-field-jsonb
  administrate-field-nested_has_many
  attr_encrypted
  audited
  awesome_print
  aws-sdk-s3
  axe-matchers (>= 2.5.0)
  better_errors
  binding_of_caller
  bootsnap (>= 1.5.1)
  brakeman
  bullet (~> 7.1.0)
  byebug
  capybara
  climate_control
  cloudflare-rails
  combine_pdf (>= 1.0.18)
  connection_pool
  dalli
  debase
  dotenv-rails
  enumerize
  erb_lint
  factory_bot_rails
  faker
  faraday
  fog-aws
  generator_spec
  geocoder (>= 1.6.6)
  graphlient
  graphql
  guard-rspec
  htmlentities
  humanize
  interception
  jwt
  listen
  lograge
  memcachier
  mimemagic
  net-imap
  net-pop
  net-smtp
  nokogiri (= 1.18.3)
  oauth2
  omniauth
  omniauth-auth0
  omniauth-oauth2
  omniauth-rails_csrf_protection
  pagy
  pg
  pg_search
  prawn
  pry
  pry-byebug (~> 3.10.1)
  pry-rails
  pry-rescue
  puma
  rack-attack
  rack-cors
  rack-mini-profiler
  rails (~> 7.1.0)
  rails-controller-testing
  rails-erd
  rails-healthcheck
  reek
  rest-client
  rspec-json_expectations
  rspec-mocks
  rspec-rails
  rspec_junit_formatter
  ruby-debug-ide
  scout_apm
  selenium-webdriver (~> 3.142.7)
  sentry-rails
  sentry-ruby
  sentry-sidekiq
  shoulda-callback-matchers
  shoulda-matchers
  sidekiq
  simplecov
  sitemap_generator
  solargraph
  spring
  spring-watcher-listen
  stackprof
  standard
  standard-rails
  statesman (= 10.0.0)
  terser
  timecop
  turbolinks
  uglifier
  view_component
  web-console (>= 3.3.0)
  webmock
  webpacker
  wicked

RUBY VERSION
   ruby 3.3.6p108

BUNDLED WITH
   2.3.7
